GEM
  remote: https://rubygems.org/
  specs:
    diff-lcs (1.2.5)
    file_utils (1.0.7)
    gemcutter (0.7.1)
    gemspec_deps_gen (1.1.2)
      bundler
      file_utils
    json (1.8.1)
    meta_methods (1.3.0)
    rspec (3.1.0)
      rspec-core (~> 3.1.0)
      rspec-expectations (~> 3.1.0)
      rspec-mocks (~> 3.1.0)
    rspec-core (3.1.7)
      rspec-support (~> 3.1.0)
    rspec-expectations (3.1.2)
      diff-lcs (>= 1.2.0, < 2.0)
      rspec-support (~> 3.1.0)
    rspec-mocks (3.1.3)
      rspec-support (~> 3.1.0)
    rspec-support (3.1.2)

PLATFORMS
  ruby

DEPENDENCIES
  gemcutter
  gemspec_deps_gen
  json
  meta_methods
  rspec
